GEM
  remote: http://rubygems.org/
  specs:
    cloudfiles (1.4.17)
      mime-types (>= 1.16)
    mime-types (1.16)
    rake (0.8.7)

PLATFORMS
  ruby

DEPENDENCIES
  cloudfiles
  rake (= 0.8.7)
